PATH
  remote: .
  specs:
    rack-throttle (0.4.0)
      rack (>= 1.0.0)

GEM
  remote: http://rubygems.org/
  specs:
    diff-lcs (1.2.5)
    rack (1.6.4)
    rack-test (0.6.3)
      rack (>= 1.0)
    rspec (3.3.0)
      rspec-core (~> 3.3.0)
      rspec-expectations (~> 3.3.0)
      rspec-mocks (~> 3.3.0)
    rspec-core (3.3.2)
      rspec-support (~> 3.3.0)
    rspec-expectations (3.3.1)
      diff-lcs (>= 1.2.0, < 2.0)
      rspec-support (~> 3.3.0)
    rspec-mocks (3.3.2)
      diff-lcs (>= 1.2.0, < 2.0)
      rspec-support (~> 3.3.0)
    rspec-support (3.3.0)
    timecop (0.3.4)
    yard (0.6.8)

PLATFORMS
  ruby

DEPENDENCIES
  rack-test (= 0.6.3)
  rack-throttle!
  rspec (= 3.3.0)
  timecop (= 0.3.4)
  yard (>= 0.5.5)
